PATH
  remote: .
  specs:
    bravo (0.3.7)
      savon (~> 0.7.8)
      thor (~> 0.16.0)

GEM
  remote: http://rubygems.org/
  specs:
    builder (3.1.4)
    columnize (0.3.6)
    crack (0.3.2)
    debugger (1.3.0)
      columnize (>= 0.3.1)
      debugger-linecache (~> 1.1.1)
      debugger-ruby_core_source (~> 1.1.7)
    debugger-linecache (1.1.2)
      debugger-ruby_core_source (>= 1.1.1)
    debugger-ruby_core_source (1.1.7)
    diff-lcs (1.1.3)
    rake (10.0.3)
    rspec (2.12.0)
      rspec-core (~> 2.12.0)
      rspec-expectations (~> 2.12.0)
      rspec-mocks (~> 2.12.0)
    rspec-core (2.12.2)
    rspec-expectations (2.12.1)
      diff-lcs (~> 1.1.3)
    rspec-mocks (2.12.2)
    savon (0.7.9)
      builder (>= 2.1.2)
      crack (>= 0.1.4)
    thor (0.16.0)

PLATFORMS
  ruby

DEPENDENCIES
  bravo!
  debugger (~> 1.3.0)
  rake (~> 10.0.3)
  rspec (~> 2.12.0)
